GIT
  remote: https://github.com/iterationlabs/ruby-readability.git
  revision: 54921e107aed2a3096bb05a739188f339225aab1
  specs:
    ruby-readability (0.5.5)
      guess_html_encoding (>= 0.0.4)
      nokogiri (>= 1.4.2)

GEM
  remote: http://rubygems.org/
  specs:
    activesupport (3.2.8)
      i18n (~> 0.6)
      multi_json (~> 1.0)
    addressable (2.3.2)
    crack (0.3.1)
    diff-lcs (1.1.3)
    factory_girl (4.1.0)
      activesupport (>= 3.0.0)
    guess_html_encoding (0.0.6)
    i18n (0.6.1)
    multi_json (1.3.6)
    nokogiri (1.5.5)
    rspec (2.11.0)
      rspec-core (~> 2.11.0)
      rspec-expectations (~> 2.11.0)
      rspec-mocks (~> 2.11.0)
    rspec-core (2.11.1)
    rspec-expectations (2.11.3)
      diff-lcs (~> 1.1.3)
    rspec-mocks (2.11.3)
    vcr (2.2.5)
    webmock (1.8.11)
      addressable (>= 2.2.7)
      crack (>= 0.1.7)

PLATFORMS
  ruby

DEPENDENCIES
  factory_girl
  nokogiri (= 1.5.5)
  rspec (~> 2.11)
  ruby-readability!
  vcr (= 2.2.5)
  webmock (= 1.8.11)
